GEM
  remote: https://rubygems.org/
  specs:
    celluloid (0.17.2)
      celluloid-essentials
      celluloid-extras
      celluloid-fsm
      celluloid-pool
      celluloid-supervision
      timers (>= 4.1.1)
    celluloid-essentials (0.20.5)
      timers (>= 4.1.1)
    celluloid-extras (0.20.5)
      timers (>= 4.1.1)
    celluloid-fsm (0.20.5)
      timers (>= 4.1.1)
    celluloid-io (0.17.2)
      celluloid (>= 0.17.2)
      nio4r (>= 1.1)
      timers (>= 4.1.1)
    celluloid-pool (0.20.5)
      timers (>= 4.1.1)
    celluloid-redis (0.0.2)
      celluloid-io (>= 0.13.0.pre)
      redis
    celluloid-supervision (0.20.5)
      timers (>= 4.1.1)
    daemons (1.2.3)
    eventmachine (1.0.8)
    hiredis (0.6.0)
    hitimes (1.2.3)
    msgpack (0.5.12)
    nido (1.0.0)
    nio4r (1.1.1)
    ohm (2.3.0)
      msgpack (~> 0.5.0)
      nido
      redic (~> 1.5.0)
      stal
    rack (1.6.4)
    rack-protection (1.5.3)
      rack
    rack-test (0.6.3)
      rack (>= 1.0)
    racksh (1.0.0)
      rack (>= 1.0)
      rack-test (>= 0.5)
    redic (1.5.0)
      hiredis
    redis (3.2.2)
    sinatra (1.4.6)
      rack (~> 1.4)
      rack-protection (~> 1.4)
      tilt (>= 1.3, < 3)
    stal (0.1.0)
      redic
    thin (1.6.4)
      daemons (~> 1.0, >= 1.0.9)
      eventmachine (~> 1.0, >= 1.0.4)
      rack (~> 1.0)
    tilt (2.0.1)
    timers (4.1.1)
      hitimes

PLATFORMS
  ruby

DEPENDENCIES
  celluloid
  celluloid-io
  celluloid-redis
  hiredis
  ohm
  racksh
  sinatra
  thin

BUNDLED WITH
   1.10.6
