GEM
  remote: https://rubygems.org/
  specs:
    celluloid (0.17.3)
      celluloid-essentials
      celluloid-extras
      celluloid-fsm
      celluloid-pool
      celluloid-supervision
      timers (>= 4.1.1)
    celluloid-essentials (0.20.5)
      timers (>= 4.1.1)
    celluloid-extras (0.20.5)
      timers (>= 4.1.1)
    celluloid-fsm (0.20.5)
      timers (>= 4.1.1)
    celluloid-io (0.17.3)
      celluloid (>= 0.17.2)
      nio4r (>= 1.1)
      timers (>= 4.1.1)
    celluloid-pool (0.20.5)
      timers (>= 4.1.1)
    celluloid-redis (0.0.2)
      celluloid-io (>= 0.13.0.pre)
      redis
    celluloid-supervision (0.20.5)
      timers (>= 4.1.1)
    diff-lcs (1.2.5)
    gson (0.6.1-java)
    hiredis (0.6.1-java)
    hitimes (1.2.3-java)
    macaddr (1.7.1)
      systemu (~> 2.6.2)
    march_hare (2.16.0-java)
    msgpack (0.5.12-java)
    multi_json (1.11.2)
    nido (1.0.0)
    nio4r (1.2.0-java)
    ohm (2.3.0)
      msgpack (~> 0.5.0)
      nido
      redic (~> 1.5.0)
      stal
    ohm-contrib (2.2.0)
      ohm (~> 2.2)
    redic (1.5.0)
      hiredis
    redis (3.2.2)
    rspec (3.4.0)
      rspec-core (~> 3.4.0)
      rspec-expectations (~> 3.4.0)
      rspec-mocks (~> 3.4.0)
    rspec-core (3.4.1)
      rspec-support (~> 3.4.0)
    rspec-expectations (3.4.0)
      diff-lcs (>= 1.2.0, < 2.0)
      rspec-support (~> 3.4.0)
    rspec-mocks (3.4.1)
      diff-lcs (>= 1.2.0, < 2.0)
      rspec-support (~> 3.4.0)
    rspec-support (3.4.1)
    stal (0.1.0)
      redic
    systemu (2.6.5)
    timers (4.1.1)
      hitimes
    uuid (2.3.8)
      macaddr (~> 1.0)

PLATFORMS
  java

DEPENDENCIES
  celluloid
  celluloid-io
  celluloid-redis
  gson
  hiredis
  march_hare
  multi_json
  nio4r
  ohm
  ohm-contrib
  oj
  redis
  rspec
  uuid

BUNDLED WITH
   1.11.2
